PATH
  remote: .
  specs:
    diskcached (1.1.0)

GEM
  remote: http://rubygems.org/
  specs:
    diff-lcs (1.1.3)
    json (1.8.1)
    memcached (1.4.3)
    multi_json (1.3.6)
    rake (0.9.2.2)
    rdoc (4.1.1)
      json (~> 1.4)
    redcarpet (2.1.1)
    rspec (2.11.0)
      rspec-core (~> 2.11.0)
      rspec-expectations (~> 2.11.0)
      rspec-mocks (~> 2.11.0)
    rspec-core (2.11.1)
    rspec-expectations (2.11.1)
      diff-lcs (~> 1.1.3)
    rspec-mocks (2.11.1)
    simplecov (0.6.4)
      multi_json (~> 1.0)
      simplecov-html (~> 0.5.3)
    simplecov-html (0.5.3)
    timecop (0.7.1)
    yard (0.8.2.1)

PLATFORMS
  ruby

DEPENDENCIES
  diskcached!
  memcached
  rake
  rdoc
  redcarpet
  rspec
  simplecov
  timecop
  yard
